GEM
  remote: https://rubygems.org/
  specs:
    coderay (1.1.2)
    ffi (1.11.3)
    method_source (0.9.2)
    pry (0.12.2)
      coderay (~> 1.1.0)
      method_source (~> 0.9.0)
    xlib (1.2.0)
      ffi (~> 1.9)
    xlib-objects (0.7.6)
      xlib (~> 1.2)
      xlib-xinput2 (~> 1.0)
    xlib-xinput2 (1.0.0)
      xlib (~> 1.1)

PLATFORMS
  ruby

DEPENDENCIES
  pry
  xlib-objects

BUNDLED WITH
   1.17.2
